GEM
  remote: https://rubygems.org/
  specs:
    minitest (5.16.3)
    rake (13.0.6)
    rbs (3.1.3)

PLATFORMS
  x86_64-linux

DEPENDENCIES
  minitest
  rake
  rbs

BUNDLED WITH
   2.4.10
